GEM
  remote: http://rubygems.org/
  specs:
    alias (0.2.2)
    awesome_print (0.3.1)
    boson (0.3.2)
      alias (>= 0.2.2)
      hirb (>= 0.3.5)
    clipboard (0.9.1)
      zucker (>= 7)
    coderay (0.9.5)
    fancy_irb (0.6.2)
      wirble
    g (1.4.0)
      ruby-growl (>= 1.0.1)
    guessmethod (0.2.1)
      rake (>= 0.7)
    hirb (0.3.5)
    interactive_editor (0.0.5)
      spoon (>= 0.0.1)
    irbtools (0.8.1)
      awesome_print
      boson
      clipboard (>= 0.9)
      coderay
      fancy_irb
      g
      guessmethod
      hirb
      interactive_editor
      sketches
      wirble
      zucker (>= 8)
    json (1.4.6)
    rack (1.2.1)
    rake (0.8.7)
    redis (2.1.1)
    redis-namespace (0.8.0)
      redis (< 3.0.0)
    resque (1.10.0)
      json (~> 1.4.6)
      redis-namespace (~> 0.8.0)
      sinatra (>= 0.9.2)
      vegas (~> 0.1.2)
    ruby-growl (3.0)
    sinatra (1.1.0)
      rack (~> 1.1)
      tilt (~> 1.1)
    sketches (0.1.1)
    spoon (0.0.1)
    tilt (1.1)
    vegas (0.1.8)
      rack (>= 1.0.0)
    wirble (0.1.3)
    zucker (8)

PLATFORMS
  ruby

DEPENDENCIES
  irbtools
  resque
